GEM
  remote: https://rubygems.org/
  specs:
    cyberarm_engine (0.8.1)
      gosu (~> 0.14.0)
    ffi (1.11.1-x86-mingw32)
    gosu (0.14.5-x86-mingw32)

PLATFORMS
  x86-mingw32

DEPENDENCIES
  cyberarm_engine
  ffi

BUNDLED WITH
   1.17.2
